GEM
  remote: https://rubygems.org/
  specs:
    faraday (1.3.0)
      faraday-net_http (~> 1.0)
      multipart-post (>= 1.2, < 3)
      ruby2_keywords
    faraday-net_http (1.0.1)
    jwt (2.2.2)
    mini_portile2 (2.5.0)
    multipart-post (2.1.1)
    mustermann (1.1.1)
      ruby2_keywords (~> 0.0.1)
    nokogiri (1.11.2)
      mini_portile2 (~> 2.5.0)
      racc (~> 1.4)
    racc (1.5.2)
    rack (2.2.3)
    rack-protection (2.1.0)
      rack
    ruby2_keywords (0.0.4)
    sinatra (2.1.0)
      mustermann (~> 1.0)
      rack (~> 2.2)
      rack-protection (= 2.1.0)
      tilt (~> 2.0)
    tilt (2.0.10)
    twilio-ruby (5.50.0)
      faraday (>= 0.9, < 2.0)
      jwt (>= 1.5, <= 2.5)
      nokogiri (>= 1.6, < 2.0)

PLATFORMS
  ruby

DEPENDENCIES
  sinatra
  twilio-ruby

BUNDLED WITH
   1.16.1
